GEM
  remote: https://rubygems.org/
  specs:
    concurrent-ruby (1.1.10)
    dotenv (2.2.1)
    hash_diff (1.0.0)
    httparty (0.15.5)
      multi_xml (>= 0.5.2)
    jwt (2.4.1)
    multi_xml (0.6.0)
    mustermann (1.0.0)
    oj (3.13.14)
    openssl (3.0.0)
    rack (2.2.4)
    rack-protection (2.0.0)
      rack
    securerandom (0.2.0)
    shopify_api (10.1.0)
      concurrent-ruby
      hash_diff
      httparty
      jwt
      oj
      openssl
      securerandom
      sorbet-runtime
      zeitwerk (~> 2.5)
    sinatra (2.0.0)
      mustermann (~> 1.0)
      rack (~> 2.0)
      rack-protection (= 2.0.0)
      tilt (~> 2.0)
    sorbet-runtime (0.5.10138)
    tilt (2.0.7)
    zeitwerk (2.6.0)

PLATFORMS
  ruby

DEPENDENCIES
  dotenv
  httparty
  shopify_api
  sinatra

BUNDLED WITH
   1.17.3
